PATH
  remote: .
  specs:
    adn (0.3.5)

GEM
  remote: https://rubygems.org/
  specs:
    minitest (5.0.7)
    rake (10.1.0)

PLATFORMS
  ruby

DEPENDENCIES
  adn!
  minitest (~> 5.0)
  rake
