PATH
  remote: .
  specs:
    adn (0.3.5)

GEM
  remote: http://rubygems.org/
  specs:
    ffi (1.2.0)
    kicker (3.0.0pre1)
      listen
    listen (0.6.0)
    minitest (4.1.0)
    rake (0.9.2.2)
    rb-inotify (0.8.8)
      ffi (>= 0.5.0)

PLATFORMS
  ruby

DEPENDENCIES
  adn!
  kicker (>= 3.0.0pre1)
  minitest (~> 4.1)
  rake
  rb-inotify
