PATH
  remote: .
  specs:
    adn (0.3.2)

GEM
  remote: http://rubygems.org/
  specs:
    minitest (3.3.0)
    rake (0.9.2.2)

PLATFORMS
  ruby

DEPENDENCIES
  adn!
  minitest (~> 3.3)
  rake
