PATH
  remote: .
  specs:
    adn (0.3.4)

GEM
  remote: http://rubygems.org/
  specs:
    minitest (4.1.0)
    rake (0.9.2.2)

PLATFORMS
  ruby

DEPENDENCIES
  adn!
  minitest (~> 4.1)
  rake
