PATH
  remote: .
  specs:
    adnruby (0.3.2)

GEM
  remote: http://rubygems.org/
  specs:
    minitest (3.3.0)
    rake (0.9.2.2)

PLATFORMS
  ruby

DEPENDENCIES
  adnruby!
  minitest (~> 3.3)
  rake
