PATH
  remote: .
  specs:
    adn (0.3.7)
      mime-types (~> 2.0)
      multipart-post (~> 1.2.0)

GEM
  remote: https://rubygems.org/
  specs:
    mime-types (2.0)
    minitest (5.1.0)
    multipart-post (1.2.0)
    rake (10.1.0)

PLATFORMS
  ruby

DEPENDENCIES
  adn!
  minitest (~> 5.1)
  rake
