PATH
  remote: .
  specs:
    adn (0.3.6)

GEM
  remote: https://rubygems.org/
  specs:
    minitest (5.1.0)
    rake (10.1.0)

PLATFORMS
  ruby

DEPENDENCIES
  adn!
  minitest (~> 5.1)
  rake
