PATH
  remote: .
  specs:
    adn (0.3.5)

GEM
  remote: http://rubygems.org/
  specs:
    minitest (4.3.1)
    rake (10.0.2)

PLATFORMS
  ruby

DEPENDENCIES
  adn!
  minitest (~> 4.3)
  rake
